GEM
  remote: https://rubygems.org/
  specs:
    byebug (8.2.1)
    coderay (1.1.0)
    domain_name (0.5.25)
      unf (>= 0.0.5, < 1.0.0)
    dotenv (2.0.2)
    faraday (0.9.2)
      multipart-post (>= 1.2, < 3)
    http-cookie (1.0.2)
      domain_name (~> 0.5)
    json (1.8.3)
    mailgun-ruby (1.0.3)
      json (~> 1.8)
      rest-client (~> 1.6)
    method_source (0.8.2)
    mime-types (2.99)
    multipart-post (2.0.0)
    netrc (0.11.0)
    pry (0.10.3)
      coderay (~> 1.1.0)
      method_source (~> 0.8.1)
      slop (~> 3.4)
    pry-byebug (3.3.0)
      byebug (~> 8.0)
      pry (~> 0.10)
    rest-client (1.8.0)
      http-cookie (>= 1.0.2, < 2.0)
      mime-types (>= 1.16, < 3.0)
      netrc (~> 0.7)
    slop (3.6.0)
    thread_safe (0.3.5)
    tzinfo (1.2.2)
      thread_safe (~> 0.1)
    unf (0.1.4)
      unf_ext
    unf_ext (0.0.7.1)
    wits (1.0.0)
      faraday (~> 0.9.1)
      tzinfo (~> 1.2.2)

PLATFORMS
  ruby

DEPENDENCIES
  byebug
  dotenv
  mailgun-ruby
  pry
  pry-byebug
  wits

BUNDLED WITH
   1.10.6
